GEM
  remote: http://rubygems.org/
  specs:
    couchrest (1.1.3)
      mime-types (~> 1.15)
      multi_json (~> 1.0)
      rest-client (~> 1.6.1)
    faraday (0.8.4)
      multipart-post (~> 1.1)
    faraday_middleware (0.9.0)
      faraday (>= 0.7.4, < 0.9)
    hashie (1.2.0)
    instagram (0.8.5)
      faraday (>= 0.7, < 0.9)
      faraday_middleware (~> 0.8)
      hashie (>= 0.4.0)
      multi_json (~> 1.0, >= 1.0.3)
    json (1.7.6)
    mime-types (1.19)
    multi_json (1.5.0)
    multipart-post (1.1.5)
    oauth (0.4.7)
    rack (1.5.1)
    rack-protection (1.3.2)
      rack
    rake (10.0.3)
    rest-client (1.6.7)
      mime-types (>= 1.16)
    sass (3.2.5)
    sinatra (1.3.4)
      rack (~> 1.4)
      rack-protection (~> 1.3)
      tilt (~> 1.3, >= 1.3.3)
    tilt (1.3.3)
    tumblr_client (0.6.11)
      faraday (>= 0.8)
      faraday_middleware
      json
      oauth

PLATFORMS
  ruby

DEPENDENCIES
  couchrest
  instagram
  json
  rake
  rest-client
  sass
  sinatra
  tumblr_client
